GEM
  remote: https://rubygems.org/
  specs:
    daemons (1.1.9)
    httparty (0.11.0)
      multi_json (~> 1.0)
      multi_xml (>= 0.5.2)
    multi_json (1.7.9)
    multi_xml (0.5.5)
    puma (2.6.0)
      rack (>= 1.1, < 2.0)
    rack (1.5.2)
    rack-protection (1.5.0)
      rack
    sinatra (1.4.3)
      rack (~> 1.4)
      rack-protection (~> 1.4)
      tilt (~> 1.3, >= 1.3.4)
    tilt (1.4.1)
    useragent (0.6.0)

PLATFORMS
  ruby

DEPENDENCIES
  daemons
  httparty
  puma
  sinatra
  useragent
